GEM
  remote: https://rubygems.org/
  specs:
    connection_pool (2.2.2)
    dotenv (2.7.5)
    nio4r (2.5.2)
    puma (4.3.3)
      nio4r (~> 2.0)
    redis (4.1.3)

PLATFORMS
  ruby

DEPENDENCIES
  connection_pool
  dotenv
  puma
  redis

BUNDLED WITH
   2.0.2
