GEM
  remote: https://rubygems.org/
  specs:
    concurrent-ruby (1.1.6)
    connection_pool (2.2.2)
    dotenv (2.7.5)
    minitest (5.11.3)
    mustermann (1.0.3)
    nio4r (2.5.2)
    puma (4.3.3)
      nio4r (~> 2.0)
    rack (2.0.7)
    rack-protection (2.0.7)
      rack
    rake (12.3.2)
    redis (4.1.3)
    sinatra (2.0.7)
      mustermann (~> 1.0)
      rack (~> 2.0)
      rack-protection (= 2.0.7)
      tilt (~> 2.0)
    tilt (2.0.10)
    tzinfo (2.0.2)
      concurrent-ruby (~> 1.0)
    tzinfo-data (1.2019.3)
      tzinfo (>= 1.0.0)

PLATFORMS
  ruby

DEPENDENCIES
  connection_pool
  dotenv
  minitest
  puma
  rake
  redis
  sinatra
  tzinfo
  tzinfo-data

BUNDLED WITH
   2.0.2
